GEM
  remote: http://rubygems.org/
  specs:
    httparty (0.10.2)
      multi_json (~> 1.0)
      multi_xml (>= 0.5.2)
    multi_json (1.6.1)
    multi_xml (0.5.3)
    nokogiri (1.5.6)

PLATFORMS
  ruby

DEPENDENCIES
  httparty (~> 0.10.2)
  nokogiri (~> 1.5.6)
